PATH
  remote: .
  specs:
    sugester (0.5.5)
      activesupport
      aws-sdk (~> 2)

GEM
  remote: https://rubygems.org/
  specs:
    activesupport (5.0.0.1)
      concurrent-ruby (~> 1.0, >= 1.0.2)
      i18n (~> 0.7)
      minitest (~> 5.1)
      tzinfo (~> 1.1)
    aws-sdk (2.5.5)
      aws-sdk-resources (= 2.5.5)
    aws-sdk-core (2.5.5)
      jmespath (~> 1.0)
    aws-sdk-resources (2.5.5)
      aws-sdk-core (= 2.5.5)
    concurrent-ruby (1.0.2)
    diff-lcs (1.2.5)
    i18n (0.7.0)
    jmespath (1.3.1)
    minitest (5.9.0)
    rake (10.5.0)
    rspec (3.5.0)
      rspec-core (~> 3.5.0)
      rspec-expectations (~> 3.5.0)
      rspec-mocks (~> 3.5.0)
    rspec-core (3.5.2)
      rspec-support (~> 3.5.0)
    rspec-expectations (3.5.0)
      diff-lcs (>= 1.2.0, < 2.0)
      rspec-support (~> 3.5.0)
    rspec-mocks (3.5.0)
      diff-lcs (>= 1.2.0, < 2.0)
      rspec-support (~> 3.5.0)
    rspec-support (3.5.0)
    thread_safe (0.3.5)
    tzinfo (1.2.2)
      thread_safe (~> 0.1)

PLATFORMS
  ruby

DEPENDENCIES
  bundler (~> 1.11)
  minitest (~> 5.1)
  rake (~> 10.0)
  rspec
  sugester!

BUNDLED WITH
   1.11.2
